PATH
  remote: .
  specs:
    image_voodoo_demo (0.1.0)
      image_voodoo (= 0.9.3)

GEM
  remote: https://rubygems.org/
  specs:
    image_voodoo (0.9.3)

PLATFORMS
  universal-java-21

DEPENDENCIES
  image_voodoo_demo!

BUNDLED WITH
   2.6.9
